GEM
  remote: https://rubygems.org/
  specs:
    ast (2.4.2)
    awesome_print (1.9.2)
    diff-lcs (1.5.1)
    json (2.7.5)
    language_server-protocol (3.17.0.3)
    parallel (1.26.3)
    parser (3.3.5.1)
      ast (~> 2.4.1)
      racc
    parslet (2.0.0)
    racc (1.8.1)
    rack (3.1.8)
    rackup (2.2.0)
      rack (>= 3)
    rainbow (3.1.1)
    regexp_parser (2.9.2)
    rouge (4.4.0)
    rspec (3.13.0)
      rspec-core (~> 3.13.0)
      rspec-expectations (~> 3.13.0)
      rspec-mocks (~> 3.13.0)
    rspec-core (3.13.0)
      rspec-support (~> 3.13.0)
    rspec-expectations (3.13.1)
      diff-lcs (>= 1.2.0, < 2.0)
      rspec-support (~> 3.13.0)
    rspec-mocks (3.13.1)
      diff-lcs (>= 1.2.0, < 2.0)
      rspec-support (~> 3.13.0)
    rspec-snapshot (2.0.3)
      awesome_print (> 1.0.0)
      rspec (> 3.0.0)
    rspec-support (3.13.1)
    rubocop (1.68.0)
      json (~> 2.3)
      language_server-protocol (>= 3.17.0)
      parallel (~> 1.10)
      parser (>= 3.3.0.2)
      rainbow (>= 2.2.2, < 4.0)
      regexp_parser (>= 2.4, < 3.0)
      rubocop-ast (>= 1.32.2, < 2.0)
      ruby-progressbar (~> 1.7)
      unicode-display_width (>= 2.4.0, < 3.0)
    rubocop-ast (1.33.0)
      parser (>= 3.3.1.0)
    ruby-progressbar (1.13.0)
    unicode-display_width (2.6.0)

PLATFORMS
  arm-linux-eabi
  arm64-darwin-22
  arm64-darwin-23
  x86_64-linux

DEPENDENCIES
  parslet
  rack
  rackup
  rouge
  rspec
  rspec-snapshot
  rubocop

BUNDLED WITH
   2.5.11
