GEM
  remote: https://rubygems.org/
  specs:
    rack (3.0.8)
    rackup (2.1.0)
      rack (>= 3)
      webrick (~> 1.8)
    rouge (4.1.3)
    webrick (1.8.1)

PLATFORMS
  ruby

DEPENDENCIES
  rack
  rackup
  rouge

BUNDLED WITH
   2.4.20
